PATH
  remote: .
  specs:
    simplecov_badger (0.0.4)
      rest-client (~> 2.1.0)
      simplecov (>= 0.18.5)

GEM
  remote: https://rubygems.org/
  specs:
    debug (1.7.2)
      irb (>= 1.5.0)
      reline (>= 0.3.1)
    docile (1.4.0)
    domain_name (0.5.20190701)
      unf (>= 0.0.5, < 1.0.0)
    http-accept (1.7.0)
    http-cookie (1.0.5)
      domain_name (~> 0.5)
    io-console (0.6.0)
    irb (1.6.4)
      reline (>= 0.3.0)
    m (1.5.1)
      method_source (>= 0.6.7)
      rake (>= 0.9.2.2)
    method_source (1.0.0)
    mime-types (3.4.1)
      mime-types-data (~> 3.2015)
    mime-types-data (3.2023.0218.1)
    minitest (5.18.0)
    mocha (1.11.2)
    netrc (0.11.0)
    rake (12.3.3)
    reline (0.3.3)
      io-console (~> 0.5)
    rest-client (2.1.0)
      http-accept (>= 1.7.0, < 2.0)
      http-cookie (>= 1.0.2, < 2.0)
      mime-types (>= 1.16, < 4.0)
      netrc (~> 0.8)
    simplecov (0.22.0)
      docile (~> 1.1)
      simplecov-html (~> 0.11)
      simplecov_json_formatter (~> 0.1)
    simplecov-html (0.12.3)
    simplecov_json_formatter (0.1.4)
    unf (0.1.4)
      unf_ext
    unf_ext (0.0.8.2)

PLATFORMS
  ruby

DEPENDENCIES
  debug
  m (~> 1.5.1)
  minitest (~> 5.18.0)
  mocha (~> 1.11.2)
  rake (~> 12.0)
  simplecov_badger!

BUNDLED WITH
   2.1.4
