PATH
  remote: .
  specs:
    simplecov-post-formatter (0.0.1)
      simplecov (~> 0.18.5)

GEM
  remote: https://rubygems.org/
  specs:
    docile (1.3.2)
    m (1.5.1)
      method_source (>= 0.6.7)
      rake (>= 0.9.2.2)
    method_source (1.0.0)
    minitest (5.14.0)
    rake (12.3.3)
    simplecov (0.18.5)
      docile (~> 1.1)
      simplecov-html (~> 0.11)
    simplecov-html (0.12.2)

PLATFORMS
  ruby

DEPENDENCIES
  m
  minitest (~> 5.0)
  rake (~> 12.0)
  simplecov-post-formatter!

BUNDLED WITH
   2.1.4
